GEM
  remote: https://rubygems.org/
  specs:
    asciidoctor (1.5.6.1)
    asciidoctor-diagram (1.5.7)
      asciidoctor (~> 1.5.0)
    asciidoctor-i18n (0.1.3)
      asciidoctor (~> 1.5.0)
      gettext (~> 3.2.6)
    coderay (1.1.2)
    gettext (3.2.9)
      locale (>= 2.0.5)
      text (>= 1.3.0)
    locale (2.1.3)
    text (1.3.1)

PLATFORMS
  ruby

DEPENDENCIES
  asciidoctor
  asciidoctor-diagram
  asciidoctor-i18n
  coderay

BUNDLED WITH
   2.1.4
